GEM
  remote: http://rubygems.org/
  specs:
    haml (3.0.18)
    rack (1.2.1)
    rmagick (2.13.1)
    sinatra (1.0)
      rack (>= 1.0)

PLATFORMS
  ruby

DEPENDENCIES
  haml
  rmagick (~> 2.0)
  sinatra (~> 1.0)
